GEM
  remote: https://rubygems.org/
  specs:
    haml (4.0.5)
      tilt
    rack (1.6.0.beta)
    sequel (4.17.0)
    sqlite3 (1.3.10)
    tilt (1.4.1)

PLATFORMS
  ruby

DEPENDENCIES
  haml
  rack
  sequel
  sqlite3
  tilt
